PATH
  remote: .
  specs:
    arcserver.rb (0.1.5)
      activesupport
      httparty
      httpclient
      json
      nokogiri
      rufus-scheduler

GEM
  remote: https://rubygems.org/
  specs:
    activesupport (4.0.0)
      i18n (~> 0.6, >= 0.6.4)
      minitest (~> 4.2)
      multi_json (~> 1.3)
      thread_safe (~> 0.1)
      tzinfo (~> 0.3.37)
    atomic (1.1.14)
    atomic (1.1.14-java)
    diff-lcs (1.2.4)
    factory_girl (4.2.0)
      activesupport (>= 3.0.0)
    httparty (0.12.0)
      json (~> 1.8)
      multi_xml (>= 0.5.2)
    httpclient (2.3.4.1)
    i18n (0.6.5)
    json (1.8.1)
    json (1.8.1-java)
    mini_portile (0.5.2)
    minitest (4.7.5)
    multi_json (1.8.2)
    multi_xml (0.5.5)
    nokogiri (1.6.0-java)
      mini_portile (~> 0.5.0)
    rake (10.1.0)
    rdoc (3.12.2)
      json (~> 1.4)
    rspec (2.14.1)
      rspec-core (~> 2.14.0)
      rspec-expectations (~> 2.14.0)
      rspec-mocks (~> 2.14.0)
    rspec-core (2.14.7)
    rspec-expectations (2.14.3)
      diff-lcs (>= 1.1.3, < 2.0)
    rspec-mocks (2.14.4)
    rufus-scheduler (3.0.2)
      tzinfo
    sdoc (0.3.20)
      json (>= 1.1.3)
      rdoc (~> 3.10)
    thread_safe (0.1.3)
      atomic
    thread_safe (0.1.3-java)
      atomic
    tzinfo (0.3.38)

PLATFORMS
  java
  ruby

DEPENDENCIES
  arcserver.rb!
  bundler (~> 1.3)
  factory_girl
  rake
  rspec
  sdoc
