PATH
  remote: .
  specs:
    arcserver.rb (0.1.5)
      activerecord
      activesupport
      httparty
      httpclient
      nokogiri

GEM
  remote: https://rubygems.org/
  specs:
    activemodel (4.0.0)
      activesupport (= 4.0.0)
      builder (~> 3.1.0)
    activerecord (4.0.0)
      activemodel (= 4.0.0)
      activerecord-deprecated_finders (~> 1.0.2)
      activesupport (= 4.0.0)
      arel (~> 4.0.0)
    activerecord-deprecated_finders (1.0.3)
    activesupport (4.0.0)
      i18n (~> 0.6, >= 0.6.4)
      minitest (~> 4.2)
      multi_json (~> 1.3)
      thread_safe (~> 0.1)
      tzinfo (~> 0.3.37)
    arel (4.0.0)
    atomic (1.1.13-java)
    builder (3.1.4)
    httparty (0.11.0)
      multi_json (~> 1.0)
      multi_xml (>= 0.5.2)
    httpclient (2.3.4.1)
    i18n (0.6.5)
    json (1.8.0-java)
    metaclass (0.0.1)
    mini_portile (0.5.1)
    minitest (4.7.5)
    mocha (0.14.0)
      metaclass (~> 0.0.1)
    multi_json (1.7.9)
    multi_xml (0.5.5)
    nokogiri (1.6.0-java)
      mini_portile (~> 0.5.0)
    rdoc (3.12.2)
      json (~> 1.4)
    sdoc (0.3.20)
      json (>= 1.1.3)
      rdoc (~> 3.10)
    shoulda (3.5.0)
      shoulda-context (~> 1.0, >= 1.0.1)
      shoulda-matchers (>= 1.4.1, < 3.0)
    shoulda-context (1.1.5)
    shoulda-matchers (2.3.0)
      activesupport (>= 3.0.0)
    thread_safe (0.1.2-java)
      atomic
    tzinfo (0.3.37)

PLATFORMS
  java

DEPENDENCIES
  arcserver.rb!
  mocha
  sdoc
  shoulda
